GEM
  remote: https://rubygems.org/
  specs:
    addressable (2.5.0)
      public_suffix (~> 2.0, >= 2.0.2)
    cinch (2.3.3)
    cinch-identify (1.7.0)
      cinch (~> 2.0)
    dentaku (2.0.10)
    google_currency (3.3.0)
      money (~> 6.7)
    httparty (0.14.0)
      multi_xml (>= 0.5.2)
    i18n (0.7.0)
    jdbc-sqlite3 (3.8.11.2)
    json (2.0.2)
    json (2.0.2-java)
    money (6.7.1)
      i18n (>= 0.6.4, <= 0.7.0)
      sixarm_ruby_unaccent (>= 1.1.1, < 2)
    multi_xml (0.6.0)
    pasteit (1.0.2)
    public_suffix (2.0.4)
    sequel (4.42.0)
    sixarm_ruby_unaccent (1.1.1)
    wunderground (1.2.0)
      addressable
      httparty (> 0.6.0)
      json (> 1.4.0)

PLATFORMS
  java
  ruby
  x86-mingw32

DEPENDENCIES
  cinch
  cinch-identify
  dentaku
  google_currency
  jdbc-sqlite3
  money
  pasteit
  sequel
  wunderground

BUNDLED WITH
   1.14.6
