GEM
  remote: https://rubygems.org/
  specs:
    addressable (2.5.2)
      public_suffix (>= 2.0.2, < 4.0)
    cinch (2.3.4)
    cinch-identify (1.7.0)
      cinch (~> 2.0)
    dentaku (3.0.0)
    google_currency (3.4.0)
      money (~> 6.7)
    httparty (0.15.6)
      multi_xml (>= 0.5.2)
    i18n (0.8.6)
    json (2.1.0)
    json (2.1.0-java)
    money (6.9.0)
      i18n (>= 0.6.4, < 0.9)
    multi_xml (0.6.0)
    pasteit (1.0.2)
    public_suffix (3.0.0)
    sequel (5.2.0)
    sqlite3 (1.3.13)
    sqlite3 (1.3.13-x86-mingw32)
    wunderground (1.2.0)
      addressable
      httparty (> 0.6.0)
      json (> 1.4.0)

PLATFORMS
  java
  ruby
  x86-mingw32

DEPENDENCIES
  cinch
  cinch-identify
  dentaku
  google_currency
  money
  pasteit
  sequel
  sqlite3
  wunderground

BUNDLED WITH
   1.14.6
