GEM
  remote: https://rubygems.org/
  specs:
    addressable (2.5.2)
      public_suffix (>= 2.0.2, < 4.0)
    cinch (2.3.4)
    cinch-identify (1.7.0)
      cinch (~> 2.0)
    concurrent-ruby (1.0.5)
    concurrent-ruby (1.0.5-java)
    dentaku (3.2.0)
    google_currency (3.4.1)
      money (~> 6.7)
    httparty (0.16.2)
      multi_xml (>= 0.5.2)
    i18n (1.0.1)
      concurrent-ruby (~> 1.0)
    json (2.1.0)
    json (2.1.0-java)
    money (6.11.0)
      i18n (>= 0.6.4, < 1.1)
    multi_xml (0.6.0)
    pasteit (1.0.2)
    public_suffix (3.0.2)
    sequel (5.7.1)
    sqlite3 (1.3.13)
    sqlite3 (1.3.13-x86-mingw32)
    wunderground (1.2.0)
      addressable
      httparty (> 0.6.0)
      json (> 1.4.0)

PLATFORMS
  java
  ruby
  x86-mingw32

DEPENDENCIES
  cinch
  cinch-identify
  dentaku
  google_currency
  money
  pasteit
  sequel
  sqlite3
  wunderground

BUNDLED WITH
   1.14.6
